GEM
  remote: https://rubygems.org/
  specs:
    addressable (2.3.3)
    daemons (1.1.9)
    eventmachine (1.0.3)
    foreman (0.62.0)
      thor (>= 0.13.6)
    kensa (1.4.1)
      launchy (>= 0.3.2)
      mechanize (~> 1.0.0)
      rest-client (>= 1.4.0, < 1.7.0)
      term-ansicolor (~> 1.0)
    launchy (2.2.0)
      addressable (~> 2.3)
    mechanize (1.0.0)
      nokogiri (>= 1.2.1)
    metaclass (0.0.1)
    mime-types (1.22)
    minitest (3.5.0)
    mocha (0.13.3)
      metaclass (~> 0.0.1)
    mysql2 (0.3.11)
    nokogiri (1.5.9)
    rack (1.5.2)
    rack-protection (1.5.0)
      rack
    rake (10.0.4)
    rest-client (1.6.7)
      mime-types (>= 1.16)
    sinatra (1.4.2)
      rack (~> 1.5, >= 1.5.2)
      rack-protection (~> 1.4)
      tilt (~> 1.3, >= 1.3.4)
    term-ansicolor (1.1.4)
    thin (1.5.1)
      daemons (>= 1.0.9)
      eventmachine (>= 0.12.6)
      rack (>= 1.0.0)
    thor (0.18.1)
    tilt (1.3.6)

PLATFORMS
  ruby

DEPENDENCIES
  foreman
  kensa (~> 1)
  minitest (~> 3)
  mocha (~> 0)
  mysql2 (~> 0.3.11)
  rake
  sinatra (~> 1.4.2)
  thin
